GIT
  remote: https://github.com/sinefunc/is_taggable.git
  revision: 20f2b31dcec9b813b6ac91416dc2e4c050099ff8
  branch: rails3
  specs:
    is_taggable (0.1.0)

GEM
  remote: http://rubygems.org/
  specs:
    abstract (1.0.0)
    acl9 (0.12.0)
    actionmailer (3.0.8)
      actionpack (= 3.0.8)
      mail (~> 2.2.19)
    actionpack (3.0.8)
      activemodel (= 3.0.8)
      activesupport (= 3.0.8)
      builder (~> 2.1.2)
      erubis (~> 2.6.6)
      i18n (~> 0.5.0)
      rack (~> 1.2.1)
      rack-mount (~> 0.6.14)
      rack-test (~> 0.5.7)
      tzinfo (~> 0.3.23)
    active_scaffold (3.0.12)
      rails (~> 3.0.0)
      render_component
      verification
    activemodel (3.0.8)
      activesupport (= 3.0.8)
      builder (~> 2.1.2)
      i18n (~> 0.5.0)
    activerecord (3.0.8)
      activemodel (= 3.0.8)
      activesupport (= 3.0.8)
      arel (~> 2.0.10)
      tzinfo (~> 0.3.23)
    activeresource (3.0.8)
      activemodel (= 3.0.8)
      activesupport (= 3.0.8)
    activesupport (3.0.8)
    arel (2.0.10)
    authlogic (3.0.3)
      activerecord (>= 3.0.7)
      activerecord (>= 3.0.7)
    builder (2.1.2)
    cocaine (0.1.0)
    daemons (1.1.4)
    delayed_job (2.1.4)
      activesupport (~> 3.0)
      daemons
    dynamic_form (1.1.4)
    erubis (2.6.6)
      abstract (>= 1.0.0)
    haml (3.1.2)
    i18n (0.5.0)
    mail (2.2.19)
      activesupport (>= 2.3.6)
      i18n (>= 0.4.0)
      mime-types (~> 1.16)
      treetop (~> 1.4.8)
    mime-types (1.16)
    paperclip (2.3.15)
      activerecord (>= 2.3.0)
      activesupport (>= 2.3.2)
      cocaine (>= 0.0.2)
      mime-types
    pg (0.11.0)
    pg (0.11.0-x86-mingw32)
    polyglot (0.3.1)
    rack (1.2.3)
    rack-mount (0.6.14)
      rack (>= 1.0.0)
    rack-test (0.5.7)
      rack (>= 1.0)
    rails (3.0.8)
      actionmailer (= 3.0.8)
      actionpack (= 3.0.8)
      activerecord (= 3.0.8)
      activeresource (= 3.0.8)
      activesupport (= 3.0.8)
      bundler (~> 1.0)
      railties (= 3.0.8)
    railties (3.0.8)
      actionpack (= 3.0.8)
      activesupport (= 3.0.8)
      rake (>= 0.8.7)
      thor (~> 0.14.4)
    rake (0.8.7)
    render_component (3.0.4)
      railties (~> 3.0.0)
    ruby-ole (1.2.11.1)
    ruby-prof (0.10.8)
    spreadsheet (0.6.5.5)
      ruby-ole (>= 1.0)
    test-unit (2.3.0)
    thor (0.14.6)
    treetop (1.4.9)
      polyglot (>= 0.3.1)
    tzinfo (0.3.29)
    verification (1.0.1)
      actionpack (~> 3.0.0)
      activesupport (~> 3.0.0)
    yaml_db (0.2.1)

PLATFORMS
  ruby
  x86-mingw32

DEPENDENCIES
  acl9
  active_scaffold
  authlogic
  delayed_job
  dynamic_form
  haml
  is_taggable!
  paperclip
  pg
  rails (= 3.0.8)
  rake (= 0.8.7)
  ruby-prof
  spreadsheet
  test-unit
  yaml_db
