GEM
  remote: https://rubygems.org/
  specs:
    acl9 (0.12.1)
      rails (>= 2.3.12)
    actionmailer (3.2.21)
      actionpack (= 3.2.21)
      mail (~> 2.5.4)
    actionpack (3.2.21)
      activemodel (= 3.2.21)
      activesupport (= 3.2.21)
      builder (~> 3.0.0)
      erubis (~> 2.7.0)
      journey (~> 1.0.4)
      rack (~> 1.4.5)
      rack-cache (~> 1.2)
      rack-test (~> 0.6.1)
      sprockets (~> 2.2.1)
    activemodel (3.2.21)
      activesupport (= 3.2.21)
      builder (~> 3.0.0)
    activerecord (3.2.21)
      activemodel (= 3.2.21)
      activesupport (= 3.2.21)
      arel (~> 3.0.2)
      tzinfo (~> 0.3.29)
    activerecord-import (0.4.1)
      activerecord (>= 3.0)
    activeresource (3.2.21)
      activemodel (= 3.2.21)
      activesupport (= 3.2.21)
    activesupport (3.2.21)
      i18n (~> 0.6, >= 0.6.4)
      multi_json (~> 1.0)
    acts-as-taggable-on (2.4.1)
      rails (>= 3, < 5)
    arel (3.0.3)
    authlogic (3.2.0)
      activerecord (>= 3.0.0)
      activesupport (>= 3.0.0)
    better_errors (0.3.2)
      coderay (>= 1.0.0)
      erubis (>= 2.7.0)
    binding_of_caller (0.6.8)
    builder (3.0.4)
    chronic (0.9.0)
    climate_control (0.0.3)
      activesupport (>= 3.0)
    cocaine (0.5.4)
      climate_control (>= 0.0.3, < 1.0)
    coderay (1.0.8)
    coffee-rails (3.2.2)
      coffee-script (>= 2.2.0)
      railties (~> 3.2.0)
    coffee-script (2.2.0)
      coffee-script-source
      execjs
    coffee-script-source (1.4.0)
    coveralls (0.7.11)
      multi_json (~> 1.10)
      rest-client (>= 1.6.8, < 2)
      simplecov (~> 0.9.1)
      term-ansicolor (~> 1.3)
      thor (~> 0.19.1)
    daemons (1.1.9)
    delayed_job (4.0.4)
      activesupport (>= 3.0, < 4.2)
    delayed_job_active_record (4.0.2)
      activerecord (>= 3.0, < 4.2)
      delayed_job (>= 3.0, < 4.1)
    docile (1.1.5)
    dynamic_form (1.1.4)
    elasticsearch (1.0.6)
      elasticsearch-api (= 1.0.6)
      elasticsearch-transport (= 1.0.6)
    elasticsearch-api (1.0.6)
      multi_json
    elasticsearch-model (0.1.6)
      activesupport (> 3)
      elasticsearch (> 0.4)
      hashie
    elasticsearch-rails (0.1.6)
    elasticsearch-transport (1.0.6)
      faraday
      multi_json
    erubis (2.7.0)
    eventmachine (1.0.0)
    execjs (1.4.0)
      multi_json (~> 1.0)
    faraday (0.9.0)
      multipart-post (>= 1.2, < 3)
    ffi (1.9.3)
    foreman (0.61.0)
      thor (>= 0.13.6)
    guard (1.6.1)
      listen (>= 0.6.0)
      lumberjack (>= 1.0.2)
      pry (>= 0.9.10)
      thor (>= 0.14.6)
    guard-test (0.7.0)
      guard (>= 1.1)
      test-unit (~> 2.2)
    haml (3.1.7)
    hashie (3.3.1)
    hike (1.2.3)
    hpricot (0.8.6)
    i18n (0.6.11)
    journey (1.0.4)
    jquery-rails (2.1.4)
      railties (>= 3.0, < 5.0)
      thor (>= 0.14, < 2.0)
    jquery-ui-rails (3.0.1)
      jquery-rails
      railties (>= 3.1.0)
    json (1.8.1)
    libxml-ruby (2.4.0)
    listen (0.7.2)
    lumberjack (1.0.2)
    mail (2.5.4)
      mime-types (~> 1.16)
      treetop (~> 1.4.8)
    method_source (0.8.1)
    mime-types (1.25.1)
    multi_json (1.11.0)
    multipart-post (2.0.0)
    netrc (0.10.3)
    paperclip (3.5.4)
      activemodel (>= 3.0.0)
      activesupport (>= 3.0.0)
      cocaine (~> 0.5.3)
      mime-types
    pg (0.14.1)
    polyglot (0.3.5)
    pry (0.9.11.2)
      coderay (~> 1.0.5)
      method_source (~> 0.8)
      slop (~> 3.4)
    rack (1.4.5)
    rack-cache (1.2)
      rack (>= 0.4)
    rack-ssl (1.3.4)
      rack
    rack-test (0.6.2)
      rack (>= 1.0)
    rails (3.2.21)
      actionmailer (= 3.2.21)
      actionpack (= 3.2.21)
      activerecord (= 3.2.21)
      activeresource (= 3.2.21)
      activesupport (= 3.2.21)
      bundler (~> 1.0)
      railties (= 3.2.21)
    railties (3.2.21)
      actionpack (= 3.2.21)
      activesupport (= 3.2.21)
      rack-ssl (~> 1.3.2)
      rake (>= 0.8.7)
      rdoc (~> 3.4)
      thor (>= 0.14.6, < 2.0)
    rake (10.3.2)
    rb-inotify (0.9.1)
      ffi (>= 0.5.0)
    rdoc (3.12.2)
      json (~> 1.4)
    rest-client (1.7.3)
      mime-types (>= 1.16, < 3.0)
      netrc (~> 0.7)
    ruby-ole (1.2.11.7)
    ruby_parser (3.1.3)
      sexp_processor (~> 4.1)
    sass (3.2.5)
    sass-rails (3.2.6)
      railties (~> 3.2.0)
      sass (>= 3.1.10)
      tilt (~> 1.3)
    sexp_processor (4.2.1)
    simplecov (0.9.2)
      docile (~> 1.1.0)
      multi_json (~> 1.0)
      simplecov-html (~> 0.9.0)
    simplecov-html (0.9.0)
    slop (3.4.3)
    spreadsheet (0.9.7)
      ruby-ole (>= 1.0)
    sprockets (2.2.3)
      hike (~> 1.2)
      multi_json (~> 1.0)
      rack (~> 1.0)
      tilt (~> 1.1, != 1.3.0)
    term-ansicolor (1.3.0)
      tins (~> 1.0)
    test-unit (2.5.4)
    thin (1.5.0)
      daemons (>= 1.0.9)
      eventmachine (>= 0.12.6)
      rack (>= 1.0.0)
    thor (0.19.1)
    tilt (1.4.1)
    tins (1.3.5)
    treetop (1.4.15)
      polyglot
      polyglot (>= 0.3.1)
    tzinfo (0.3.42)
    uglifier (1.3.0)
      execjs (>= 0.3.0)
      multi_json (~> 1.0, >= 1.0.2)
    whenever (0.8.2)
      activesupport (>= 2.3.4)
      chronic (>= 0.6.3)
    will_paginate (3.0.5)

PLATFORMS
  ruby

DEPENDENCIES
  acl9 (~> 0.12.1)
  activerecord-import
  acts-as-taggable-on (~> 2.4.1)
  authlogic
  better_errors
  binding_of_caller
  coffee-rails (~> 3.2.1)
  coveralls
  daemons
  delayed_job_active_record
  dynamic_form
  elasticsearch
  elasticsearch-model
  elasticsearch-rails
  foreman
  guard
  guard-test
  haml
  hpricot
  jquery-rails
  jquery-ui-rails
  libxml-ruby
  paperclip (~> 3.5.4)
  pg
  rails (= 3.2.21)
  rb-inotify
  ruby_parser (>= 3.1.2)
  sass-rails (~> 3.2.3)
  spreadsheet
  test-unit
  thin
  uglifier (>= 1.0.3)
  whenever
  will_paginate
